GEM
  remote: https://rubygems.org/
  specs:
    buff-ignore (1.1.0)
    kitchen-vagrant (0.11.2)
      test-kitchen (~> 1.0.0.beta)
    mixlib-shellout (1.2.0)
    net-scp (1.1.2)
      net-ssh (>= 2.6.5)
    net-ssh (2.7.0)
    safe_yaml (0.9.7)
    test-kitchen (1.0.0.beta.4)
      buff-ignore (~> 1.1)
      mixlib-shellout (~> 1.2)
      net-scp (~> 1.1)
      net-ssh (~> 2.7)
      safe_yaml (~> 0.9)
      thor (~> 0.18)
    thor (0.18.1)

PLATFORMS
  ruby

DEPENDENCIES
  kitchen-vagrant (~> 0.11)
  test-kitchen (~> 1.0.0.beta)
